NUGET
  remote: https://www.nuget.org/api/v2
    NuGet.CommandLine (5.3.1)
    Pester (4.9)
    Unic.Bob.Keith (2.0.2)
    Unic.Bob.Wendy (3.2)
